GEM
  remote: http://rubygems.org/
  specs:
    feedzirra (0.8.0)
    hashie (3.4.2)
    i18n (0.7.0)
    json (1.8.3)

PLATFORMS
  ruby

DEPENDENCIES
  feedzirra
  hashie
  i18n
  json
