GEM
  remote: http://rubygems.org/
  specs:
    hashie (1.0.0)
    i18n (0.5.0)
    json (1.4.6)

PLATFORMS
  ruby

DEPENDENCIES
  hashie (~> 1.0)
  i18n
  json (~> 1.4.6)
